GEM
  remote: http://rubygems.org/
  specs:
    avl_tree (1.1.3)
    consistent-hashing (0.2.1)
      avl_tree (>= 1.1.3)
    diff-lcs (1.2.4)
    eventmachine (1.0.3)
    eventmachine (1.0.3-java)
    git (1.2.5)
    jeweler (1.8.4)
      bundler (~> 1.0)
      git (>= 1.2.5)
      rake
      rdoc
    json (1.7.7)
    json (1.7.7-java)
    rake (10.0.4)
    rdoc (4.0.1)
      json (~> 1.4)
    redis-protocol (0.1.3)
    rspec (2.13.0)
      rspec-core (~> 2.13.0)
      rspec-expectations (~> 2.13.0)
      rspec-mocks (~> 2.13.0)
    rspec-core (2.13.1)
    rspec-expectations (2.13.0)
      diff-lcs (>= 1.1.3, < 2.0)
    rspec-mocks (2.13.1)
    yard (0.8.6.1)

PLATFORMS
  java
  ruby

DEPENDENCIES
  bundler
  consistent-hashing
  eventmachine
  jeweler (~> 1.8.4)
  rdoc
  redis-protocol
  rspec
  yard
